##TITLE=Parameter List, ParaVision 360 V3.5
##JCAMPDX=4.24
##DATATYPE=Parameter Values
##ORIGIN=Bruker BioSpin MRI GmbH
##OWNER=Sriram
$$ Write Options: Symbolic Enums, RLE encoded arrays, symbol visibility
$$ 2024-11-05 17:24:54.028 -0800  Sriram@czc1517bbd
$$ /opt/nmrdata/PV-360.3.5/data/Sriram/20241105_165629_TM00016_012_20241105_Day0_HPshot_1_1/4/method
$$ process /opt/PV-360.3.5/prog/bin/parxserver
##$Method=<Bruker:RARE>
##$PVM_GeoObj=( 1, 65 )
<PVM_SliceGeoObj>
##$PVM_StudyInstrumentPosition=Head_Supine
##$PVM_ExportHandler=( 3 )
(<BRUKER_PARIMPORT_SLICEGEO>, <>, <Slice Geometry>) (<BRUKER_PARIMPORT_FOVSAT>
, <>, <FOV Saturation>) (<BRUKER_PARIMPORT_SLICEORIENT>, <>, <Slice 
Orientation>)
##$PVM_EchoTime=10
##$EffectiveTE=( 1 )
30
##$PVM_RareFactor=16
##$PVM_RepetitionTime=4000
##$PVM_NAverages=2
##$PVM_NRepetitions=1
##$PVM_NEchoImages=1
##$PVM_ScanTime=160000
##$PVM_DeriveGains=Yes
##$ExcPulse1Enum=<Calculated>
##$ExcPulse1=(2.72727272727273, 2200, 90, Yes, 4, 6000, 0.155352536733369, 
0.135449017488208, 0, 50, 2.0598790820998, <$ExcPulse1Shape>)
##$ExcPulse1Ampl=(2.0598790820998, 10.1485937008528, -3.13841727399196)
##$RefPulse1Enum=<Calculated>
##$RefPulse1=(2.31818181818182, 2200, 180, Yes, 4, 5100, 0.0981992064003975, 
0.0914234269262852, 1, 0, 28.2258433705288, <$RefPulse1Shape>)
##$RefPulse1Ampl=(28.2258433705288, 37.5671687584577, -14.506469272381)
##$PVM_GradCalConst=28204.1
##$PVM_Nucleus1Enum=<1H>
##$PVM_Nucleus1=( 8 )
<1H>
##$PVM_RefPowMod1=AutoAdj
##$PVM_RefPowCh1=0.369773313447974
##$PVM_RefPowStat1=( 1024 )
<Study: Adj by Bruker:AdjRefPowADJ_REF_POW>
##$PVM_Nucleus2Enum=<13C>
##$PVM_Nucleus3Enum=<1H>
##$PVM_Nucleus4Enum=<1H>
##$PVM_Nucleus5Enum=<1H>
##$PVM_Nucleus6Enum=<1H>
##$PVM_Nucleus7Enum=<1H>
##$PVM_Nucleus8Enum=<1H>
##$PVM_FrqRef=( 8 )
400.328024263762 0 0 0 0 0 0 0
##$PVM_FrqWorkOffset=( 8 )
0 0 0 0 0 0 0 0
##$PVM_FrqWork=( 8 )
400.328024263762 0 0 0 0 0 0 0
##$PVM_FrqRefPpm=( 8 )
4.7 0 0 0 0 0 0 0
##$PVM_FrqWorkOffsetPpm=( 8 )
0 0 0 0 0 0 0 0
##$PVM_FrqWorkPpm=( 8 )
4.7 0 0 0 0 0 0 0
##$PVM_NucleiPpmWork=( 20 )
(<1H>, 4.7) (<none>, 0) (<none>, 0) (<none>, 0) (<none>, 0) (<none>, 0) 
(<none>, 0) (<none>, 0) (<none>, 0) (<none>, 0) (<none>, 0) (<none>, 0) 
(<none>, 0) (<none>, 0) (<none>, 0) (<none>, 0) (<none>, 0) (<none>, 0) 
(<none>, 0) (<none>, 0)
##$PVM_EncGenOpt=Yes
##$PVM_EncGenEllipse=No
##$PVM_MbEncNBands=1
##$PVM_MbEncAccelFactor=1
##$PVM_MbEncBlipFactor=1
##$PVM_EncGen3D=Yes
##$PVM_EncGen4D=No
##$PVM_EncGenPpi=No
##$PVM_EncGenCaipirinha=No
##$PVM_EncGenTCaipirinha=No
##$PVM_EncVirtualCoils=No
##$PVM_EncCS=No
##$PVM_EncCSUndersampling=100
##$PVM_EncCSCenterRatio=10
##$PVM_EncCSNumRef=( 2 )
320 320
##$PVM_EncCSGradOpt=No
##$PVM_EncCSEllipse=No
##$PVM_EncPftAlgorithm=Zerofilling
##$PVM_EncPpiRefScan=No
##$PVM_IsEpiScan=No
##$PVM_SpatDimEnum=<2D>
##$PVM_IsotropicFovRes=Isot_None
##$PVM_Matrix=( 2 )
320 320
##$PVM_MinMatrix=( 2 )
32 32
##$PVM_MaxMatrix=( 2 )
2048 2048
##$PVM_DefMatrix=( 3 )
256 256 64
##$PVM_AntiAlias=( 2 )
1 1
##$PVM_MaxAntiAlias=( 2 )
2 8
##$PVM_EncSpectroscopy=No
##$PVM_EncUseMultiRec=No
##$PVM_EncActReceivers=( 1 )
On
##$PVM_EncZf=( 2 )
1 1
##$PVM_EncPft=( 2 )
1 1
##$PVM_EncPftOverscans=( 2 )
160 160
##$PVM_EncPpi=( 2 )
1 1
##$PVM_EncPpiRefLines=( 2 )
0 0
##$PVM_EncPpiGopRefLines=( 3 )
32 24 24
##$PVM_EncOrder=( 2 )
LINEAR_ENC RARE_ENC
##$PVM_EncStart=( 2 )
0 -1
##$PVM_EncNReceivers=1
##$PVM_EncAvailReceivers=4
##$PVM_EncChanScaling=( 1 )
1
##$PVM_EncChanPhase=( 1 )
0
##$PVM_EncMatrix=( 2 )
320 320
##$PVM_EncTotalAccel=1
##$PVM_EncSteps0=( 1 )
0
##$PVM_EncSteps1=( 320 )
18 6 -6 -18 -30 -42 -54 -66 -78 -90 -102 -114 -126 -138 -150 158 19 7 -5 -17 
-29 -41 -53 -65 -77 -89 -101 -113 -125 -137 -149 159 20 8 -4 -16 -28 -40 -52 
-64 -76 -88 -100 -112 -124 -136 -148 -160 21 9 -3 -15 -27 -39 -51 -63 -75 -87 
-99 -111 -123 -135 -147 -159 22 10 -2 -14 -26 -38 -50 -62 -74 -86 -98 -110 
-122 -134 -146 -158 23 11 -1 -13 -25 -37 -49 -61 -73 -85 -97 -109 -121 -133 
-145 -157 24 12 0 -12 -24 -36 -48 -60 -72 -84 -96 -108 -120 -132 -144 -156 25 
13 1 -11 -23 -35 -47 -59 -71 -83 -95 -107 -119 -131 -143 -155 26 14 2 -10 -22 
-34 -46 -58 -70 -82 -94 -106 -118 -130 -142 -154 27 15 3 -9 -21 -33 -45 -57 
-69 -81 -93 -105 -117 -129 -141 -153 28 16 4 -8 -20 -32 -44 -56 -68 -80 -92 
-104 -116 -128 -140 -152 29 17 5 -7 -19 -31 -43 -55 -67 -79 -91 -103 -115 
-127 -139 -151 30 38 46 54 62 70 78 86 94 102 110 118 126 134 142 150 31 39 
47 55 63 71 79 87 95 103 111 119 127 135 143 151 32 40 48 56 64 72 80 88 96 
104 112 120 128 136 144 152 33 41 49 57 65 73 81 89 97 105 113 121 129 137 
145 153 34 42 50 58 66 74 82 90 98 106 114 122 130 138 146 154 35 43 51 59 67 
75 83 91 99 107 115 123 131 139 147 155 36 44 52 60 68 76 84 92 100 108 116 
124 132 140 148 156 37 45 53 61 69 77 85 93 101 109 117 125 133 141 149 157
##$PVM_EncSteps2=( 1 )
0
##$PVM_EncCentralStep1=3
##$PVM_EncValues1=( 320 )
0.1125 0.0375 -0.0375 -0.1125 -0.1875 -0.2625 -0.3375 -0.4125 -0.4875 -0.5625 
-0.6375 -0.7125 -0.7875 -0.8625 -0.9375 0.9875 0.11875 0.04375 -0.03125 
-0.10625 -0.18125 -0.25625 -0.33125 -0.40625 -0.48125 -0.55625 -0.63125 
-0.70625 -0.78125 -0.85625 -0.93125 0.99375 0.125 0.05 -0.025 -0.1 -0.175 
-0.25 -0.325 -0.4 -0.475 -0.55 -0.625 -0.7 -0.775 -0.85 -0.925 -1 0.13125 
0.05625 -0.01875 -0.09375 -0.16875 -0.24375 -0.31875 -0.39375 -0.46875 
-0.54375 -0.61875 -0.69375 -0.76875 -0.84375 -0.91875 -0.99375 0.1375 0.0625 
-0.0125 -0.0875 -0.1625 -0.2375 -0.3125 -0.3875 -0.4625 -0.5375 -0.6125 
-0.6875 -0.7625 -0.8375 -0.9125 -0.9875 0.14375 0.06875 -0.00625 -0.08125 
-0.15625 -0.23125 -0.30625 -0.38125 -0.45625 -0.53125 -0.60625 -0.68125 
-0.75625 -0.83125 -0.90625 -0.98125 0.15 0.075 0 -0.075 -0.15 -0.225 -0.3 
-0.375 -0.45 -0.525 -0.6 -0.675 -0.75 -0.825 -0.9 -0.975 0.15625 0.08125 
0.00625 -0.06875 -0.14375 -0.21875 -0.29375 -0.36875 -0.44375 -0.51875 
-0.59375 -0.66875 -0.74375 -0.81875 -0.89375 -0.96875 0.1625 0.0875 0.0125 
-0.0625 -0.1375 -0.2125 -0.2875 -0.3625 -0.4375 -0.5125 -0.5875 -0.6625 
-0.7375 -0.8125 -0.8875 -0.9625 0.16875 0.09375 0.01875 -0.05625 -0.13125 
-0.20625 -0.28125 -0.35625 -0.43125 -0.50625 -0.58125 -0.65625 -0.73125 
-0.80625 -0.88125 -0.95625 0.175 0.1 0.025 -0.05 -0.125 -0.2 -0.275 -0.35 
-0.425 -0.5 -0.575 -0.65 -0.725 -0.8 -0.875 -0.95 0.18125 0.10625 0.03125 
-0.04375 -0.11875 -0.19375 -0.26875 -0.34375 -0.41875 -0.49375 -0.56875 
-0.64375 -0.71875 -0.79375 -0.86875 -0.94375 0.1875 0.2375 0.2875 0.3375 
0.3875 0.4375 0.4875 0.5375 0.5875 0.6375 0.6875 0.7375 0.7875 0.8375 0.8875 
0.9375 0.19375 0.24375 0.29375 0.34375 0.39375 0.44375 0.49375 0.54375 
0.59375 0.64375 0.69375 0.74375 0.79375 0.84375 0.89375 0.94375 0.2 0.25 0.3 
0.35 0.4 0.45 0.5 0.55 0.6 0.65 0.7 0.75 0.8 0.85 0.9 0.95 0.20625 0.25625 
0.30625 0.35625 0.40625 0.45625 0.50625 0.55625 0.60625 0.65625 0.70625 
0.75625 0.80625 0.85625 0.90625 0.95625 0.2125 0.2625 0.3125 0.3625 0.4125 
0.4625 0.5125 0.5625 0.6125 0.6625 0.7125 0.7625 0.8125 0.8625 0.9125 0.9625 
0.21875 0.26875 0.31875 0.36875 0.41875 0.46875 0.51875 0.56875 0.61875 
0.66875 0.71875 0.76875 0.81875 0.86875 0.91875 0.96875 0.225 0.275 0.325 
0.375 0.425 0.475 0.525 0.575 0.625 0.675 0.725 0.775 0.825 0.875 0.925 0.975 
0.23125 0.28125 0.33125 0.38125 0.43125 0.48125 0.53125 0.58125 0.63125 
0.68125 0.73125 0.78125 0.83125 0.88125 0.93125 0.98125
##$PVM_EncGenSteps0=( 1 )
0
##$PVM_EncGenSteps1=( 320 )
18 6 -6 -18 -30 -42 -54 -66 -78 -90 -102 -114 -126 -138 -150 158 19 7 -5 -17 
-29 -41 -53 -65 -77 -89 -101 -113 -125 -137 -149 159 20 8 -4 -16 -28 -40 -52 
-64 -76 -88 -100 -112 -124 -136 -148 -160 21 9 -3 -15 -27 -39 -51 -63 -75 -87 
-99 -111 -123 -135 -147 -159 22 10 -2 -14 -26 -38 -50 -62 -74 -86 -98 -110 
-122 -134 -146 -158 23 11 -1 -13 -25 -37 -49 -61 -73 -85 -97 -109 -121 -133 
-145 -157 24 12 0 -12 -24 -36 -48 -60 -72 -84 -96 -108 -120 -132 -144 -156 25 
13 1 -11 -23 -35 -47 -59 -71 -83 -95 -107 -119 -131 -143 -155 26 14 2 -10 -22 
-34 -46 -58 -70 -82 -94 -106 -118 -130 -142 -154 27 15 3 -9 -21 -33 -45 -57 
-69 -81 -93 -105 -117 -129 -141 -153 28 16 4 -8 -20 -32 -44 -56 -68 -80 -92 
-104 -116 -128 -140 -152 29 17 5 -7 -19 -31 -43 -55 -67 -79 -91 -103 -115 
-127 -139 -151 30 38 46 54 62 70 78 86 94 102 110 118 126 134 142 150 31 39 
47 55 63 71 79 87 95 103 111 119 127 135 143 151 32 40 48 56 64 72 80 88 96 
104 112 120 128 136 144 152 33 41 49 57 65 73 81 89 97 105 113 121 129 137 
145 153 34 42 50 58 66 74 82 90 98 106 114 122 130 138 146 154 35 43 51 59 67 
75 83 91 99 107 115 123 131 139 147 155 36 44 52 60 68 76 84 92 100 108 116 
124 132 140 148 156 37 45 53 61 69 77 85 93 101 109 117 125 133 141 149 157
##$PVM_EncGenSteps2=( 320 )
@320*(0)
##$PVM_EncGenValues1=( 320 )
0.1125 0.0375 -0.0375 -0.1125 -0.1875 -0.2625 -0.3375 -0.4125 -0.4875 -0.5625 
-0.6375 -0.7125 -0.7875 -0.8625 -0.9375 0.9875 0.11875 0.04375 -0.03125 
-0.10625 -0.18125 -0.25625 -0.33125 -0.40625 -0.48125 -0.55625 -0.63125 
-0.70625 -0.78125 -0.85625 -0.93125 0.99375 0.125 0.05 -0.025 -0.1 -0.175 
-0.25 -0.325 -0.4 -0.475 -0.55 -0.625 -0.7 -0.775 -0.85 -0.925 -1 0.13125 
0.05625 -0.01875 -0.09375 -0.16875 -0.24375 -0.31875 -0.39375 -0.46875 
-0.54375 -0.61875 -0.69375 -0.76875 -0.84375 -0.91875 -0.99375 0.1375 0.0625 
-0.0125 -0.0875 -0.1625 -0.2375 -0.3125 -0.3875 -0.4625 -0.5375 -0.6125 
-0.6875 -0.7625 -0.8375 -0.9125 -0.9875 0.14375 0.06875 -0.00625 -0.08125 
-0.15625 -0.23125 -0.30625 -0.38125 -0.45625 -0.53125 -0.60625 -0.68125 
-0.75625 -0.83125 -0.90625 -0.98125 0.15 0.075 0 -0.075 -0.15 -0.225 -0.3 
-0.375 -0.45 -0.525 -0.6 -0.675 -0.75 -0.825 -0.9 -0.975 0.15625 0.08125 
0.00625 -0.06875 -0.14375 -0.21875 -0.29375 -0.36875 -0.44375 -0.51875 
-0.59375 -0.66875 -0.74375 -0.81875 -0.89375 -0.96875 0.1625 0.0875 0.0125 
-0.0625 -0.1375 -0.2125 -0.2875 -0.3625 -0.4375 -0.5125 -0.5875 -0.6625 
-0.7375 -0.8125 -0.8875 -0.9625 0.16875 0.09375 0.01875 -0.05625 -0.13125 
-0.20625 -0.28125 -0.35625 -0.43125 -0.50625 -0.58125 -0.65625 -0.73125 
-0.80625 -0.88125 -0.95625 0.175 0.1 0.025 -0.05 -0.125 -0.2 -0.275 -0.35 
-0.425 -0.5 -0.575 -0.65 -0.725 -0.8 -0.875 -0.95 0.18125 0.10625 0.03125 
-0.04375 -0.11875 -0.19375 -0.26875 -0.34375 -0.41875 -0.49375 -0.56875 
-0.64375 -0.71875 -0.79375 -0.86875 -0.94375 0.1875 0.2375 0.2875 0.3375 
0.3875 0.4375 0.4875 0.5375 0.5875 0.6375 0.6875 0.7375 0.7875 0.8375 0.8875 
0.9375 0.19375 0.24375 0.29375 0.34375 0.39375 0.44375 0.49375 0.54375 
0.59375 0.64375 0.69375 0.74375 0.79375 0.84375 0.89375 0.94375 0.2 0.25 0.3 
0.35 0.4 0.45 0.5 0.55 0.6 0.65 0.7 0.75 0.8 0.85 0.9 0.95 0.20625 0.25625 
0.30625 0.35625 0.40625 0.45625 0.50625 0.55625 0.60625 0.65625 0.70625 
0.75625 0.80625 0.85625 0.90625 0.95625 0.2125 0.2625 0.3125 0.3625 0.4125 
0.4625 0.5125 0.5625 0.6125 0.6625 0.7125 0.7625 0.8125 0.8625 0.9125 0.9625 
0.21875 0.26875 0.31875 0.36875 0.41875 0.46875 0.51875 0.56875 0.61875 
0.66875 0.71875 0.76875 0.81875 0.86875 0.91875 0.96875 0.225 0.275 0.325 
0.375 0.425 0.475 0.525 0.575 0.625 0.675 0.725 0.775 0.825 0.875 0.925 0.975 
0.23125 0.28125 0.33125 0.38125 0.43125 0.48125 0.53125 0.58125 0.63125 
0.68125 0.73125 0.78125 0.83125 0.88125 0.93125 0.98125
##$PVM_EncGenValues2=( 320 )
@320*(0)
##$PVM_EncGenTotalSteps=320
##$PVM_EncGenLoopOuter=1
##$PVM_EffSWh=90909.0909090909
##$EncGradDur=1.80890909090909
##$PVM_AcquisitionTime=3.52
##$ReadDephDur=2.20527272727273
##$PVM_MinEchoTime=6.87980761440642
##$RepetitionSpoiler=(Yes, 4, 0.76, 18.6609673584225)
##$EchoSpoilingAuto=Yes
##$EchoSpoilingSlice=1
##$EchoSpoilingSliceEff=1
##$EchoSpoilingRead=0.25
##$EchoSpoilingReadEff=0.25
##$SlabSel=Yes
##$PVM_Isotropic=Isotropic_None
##$PVM_Fov=( 2 )
40 40
##$PVM_FovCm=( 2 )
4 4
##$PVM_SpatResol=( 2 )
0.125 0.125
##$PVM_SliceThick=1
##$PVM_ObjOrderScheme=Interlaced
##$PVM_ObjOrderList=( 16 )
0 2 4 6 8 10 12 14 1 3 5 7 9 11 13 15
##$PVM_NSPacks=1
##$PVM_SPackArrNSlices=( 1 )
16
##$PVM_MajSliceOri=No
##$PVM_SPackArrSliceOrient=( 1 )
axial
##$PVM_SPackArrReadOrient=( 1 )
L_R
##$PVM_SPackArrReadOffset=( 1 )
0
##$PVM_SPackArrPhase1Offset=( 1 )
-4
##$PVM_SPackArrPhase2Offset=( 1 )
0
##$PVM_SPackArrSliceOffset=( 1 )
0
##$PVM_SPackArrSliceGapMode=( 1 )
non_contiguous
##$PVM_SPackArrSliceGap=( 1 )
0
##$PVM_SPackArrSliceDistance=( 1 )
1
##$PVM_SPackArrGradOrient=( 1, 3, 3 )
1 0 0 0 1 0 0 0 1
##$PVM_SliceGeo=( 1 )
(((-1 0 0 0 1 0 0 0 -1, 0 -4 0, 0 0 0), 40 40 16, <+R;read> <+P;phase> 
<+S;slice>, 0), 16, 1, 256, 1, 0, No)
##$PVM_SliceGeoObj=(<BRUKER_SLICEPACKAGE>, GeoCuboidPackId, Standard_GobjShape,
 <PVM_SliceGeo>, <PVM_ObjOrderList>, 0, <R;read> <P;phase> <S;slice>, Yes, 
4195848)
##$PVM_EffPhase0Offset=( 16 )
@16*(0)
##$PVM_EffPhase1Offset=( 16 )
@16*(-4)
##$PVM_EffPhase2Offset=( 16 )
@16*(0)
##$PVM_EffSliceOffset=( 16 )
-7.5 -6.5 -5.5 -4.5 -3.5 -2.5 -1.5 -0.5 0.5 1.5 2.5 3.5 4.5 5.5 6.5 7.5
##$PVM_EffReadOffset=( 16 )
@16*(0)
##$PVM_Phase0Offset=( 16 )
@16*(0)
##$PVM_Phase1Offset=( 16 )
@16*(-4)
##$PVM_Phase2Offset=( 16 )
@16*(0)
##$PVM_SliceOffset=( 16 )
-7.5 -6.5 -5.5 -4.5 -3.5 -2.5 -1.5 -0.5 0.5 1.5 2.5 3.5 4.5 5.5 6.5 7.5
##$PVM_ReadOffset=( 16 )
@16*(0)
##$PVM_DummyScans=1
##$PVM_DummyScansDur=4000
##$PVM_TriggerModule=Off
##$PVM_TriggerMode=per_Slice
##$PVM_TriggerDelay=1
##$PVM_TriggerDur=0.01
##$PVM_TriggerModuleTime=0
##$PVM_EvolutionOnOff=Off
##$PVM_NEvolutionCycles=2
##$PVM_EvolutionCycles=1
##$PVM_EvolutionMode=Constant_Delay
##$PVM_EvolutionTime=( 2 )
1 0
##$PVM_EvolutionDelay=1
##$PVM_EvolutionModuleTime=0
##$PVM_SelIrOnOff=Off
##$PVM_BlBloodOnOff=Off
##$PVM_FatSupOnOff=On
##$PVM_FatSupPulEnum=<gauss512>
##$PVM_FatSupPul=(1.95714285714286, 1400, 90, No, 4, 2740, 0.4150688, 
0.295357137487272, 0, 50, 0.560338330377748, <gauss512.exc>)
##$PVM_FatSupPulAmpl=(0.560338330377748, 5.29310084155662, 2.51549668265667)
##$PVM_FatSupBandWidth=1400
##$PVM_FatSupSpoil=(Yes, 3, 0.456, 23.3262091980281)
##$PVM_FatSupModuleTime=2.58514285714286
##$PVM_FatSupPerform=Yes
##$PVM_FatSupRampTime=0.152
##$PVM_FatSupGradWait=0.01
##$PVM_FatSupFL=( 1 )
-1401.14149955812
##$PVM_FatSupRfLength=1957.14285714286
##$PVM_FatSupSpoilDur=0.456
##$PVM_FatSupSpoilAmp=23.3262091980281
##$PVM_FwsOnOff=Off
##$PVM_FwsChemShift=3.5
##$PVM_FwsAngle=140
##$PVM_FwsEchoShift=0
##$PVM_FwsLoop=1
##$PVM_SatTransOnOff=Off
##$PVM_SatTransType=MTC
##$PVM_SatTransPulse=(1.82666666666667, 1500, 117.1, No, 3, 2740, 0.4181723, 
0.298723764675971, 0, 50, 1.07284061309777, <gauss.exc>)
##$PVM_SatTransPulseEnum=<gauss>
##$PVM_SatTransPulseAmpl_uT=10.0017644460368
##$PVM_SatTransFreqInput=by_value
##$PVM_SatTransFreqUnit=unit_hz
##$PVM_SatTransFreqValues=( 1 )
1500
##$PVM_SatTransFreqRanges=( 1, 3 )
0 0 0
##$PVM_SatTransInterPulseDelay=0.01
##$PVM_SatTransNPulses=1
##$PVM_SatTransSpoil=(Yes, 5, 2, 8.86395949525069)
##$PVM_SatTransModuleTime=0
##$PVM_SatTransModuleMeanRFPower=146.40269822385
##$PVM_SatTransPowerList=( 1 )
1.07284061309777
##$PVM_SatTransRepetitions=1
##$PVM_SatTransRefScan=Off
##$PVM_SatTransFL=( 1 )
1500
##$PVM_StD0=1e-06
##$PVM_StD1=1e-06
##$PVM_StD2=1e-06
##$PVM_StD3=1e-06
##$PVM_StP0=10
##$PVM_FovSatOnOff=Off
##$PVM_FovSatPulEnum=<Calculated>
##$PVM_FovSatPul=(1.2, 5000, 90, Yes, 4, 6000, 0.155352536733369, 
0.135449017488208, 0, 50, 10.6398712918378, <$PVM_FovSatPulShape>)
##$PVM_FovSatPulAmpl=(10.6398712918378, 23.0649856837565, -10.2693637442682)
##$PVM_FovSatNSlices=1
##$PVM_FovSatThick=( 1 )
4
##$PVM_FovSatOffset=( 1 )
0
##$PVM_FovSatSpoil=(Yes, 10, 0.8, 11.0799493690634)
##$PVM_FovSatSpoilDur=0.648
##$PVM_FovSatSpoilAmp=11.0799493690634
##$PVM_FovSatModuleTime=0
##$PVM_FovSatGrad=( 1, 3 )
4.43197974762535 0 0
##$PVM_FovSatRampTime=0.152
##$PVM_FovSatGradWait=0.01
##$PVM_FovSatSliceOri=( 1 )
sagittal
##$PVM_FovSatSliceVec=( 1, 3 )
-1 0 0
##$PVM_FovSatFL=( 1 )
0
##$PVM_FovSatRfLength=1200
##$PVM_FovSatGeoObj=(<BRUKER_FOVSAT>, GeoPlanarId, Standard_GobjShape, 
<PVM_FovSatGeoCub>, <>, 0, <1;first> <2;second> <S;slice>, Yes, 524384)
##$PVM_FovSatGeoCub=( 1 )
(((0 -1 0 0 0 -1 1 0 0, 0 0 0, 0 0 0), 58 58 4, <+1;first> <+2;second> 
<+S;slice>, 0), 1, 1, 1, 4, 0, No)
##$PVM_InFlowSatOnOff=Off
##$PVM_InFlowSatNSlices=1
##$PVM_InFlowSatThick=( 1 )
4
##$PVM_InFlowSatMinThick=0.177279189905014
##$PVM_InFlowSatSliceGap=1
##$PVM_FlowSatGeoObj=(<BRUKER_FLOWSAT>, GeoPlanarId, Standard_GobjShape, 
<PVM_FlowSatGeoCub>, <>, 0, <1;first> <2;second> <S;slice>, Yes, 553191)
##$PVM_FlowSatGeoCub=( 1 )
(((-1 0 0 0 1 0 0 0 -1, 0 0 -7.35, 0 0 0), 42 42 4, <+1;first> <+2;second> 
<+S;slice>, 0), 1, 1, 1, 4, 0, No)
##$PVM_FlowSatPulEnum=<Calculated>
##$PVM_FlowSatPul=(1.2, 5000, 90, Yes, 4, 6000, 0.155352536733369, 
0.135449017488208, 0, 50, 10.6398712918378, <$PVM_FlowSatPulShape>)
##$PVM_FlowSatPulAmpl=(10.6398712918378, 23.0649856837565, -10.2693637442682)
##$PVM_InFlowSatSpoil=(Yes, 5, 0.456, 9.71925383251172)
##$PVM_InFlowSatPos=up
##$PVM_InFlowSatModuleTime=0
##$PVM_InFlowSatFL=( 16 )
-5000 -2500 0 2500 5000 7500 10000 12500 -3750 -1250 1250 3750 6250 8750 
11250 13750
##$PVM_SfD0=0.000152
##$PVM_SfD2=0.000456
##$PVM_SfP0=1200
##$PVM_SfLp0=1
##$PVM_TaggingOnOff=Off
##$PVM_TaggingPulEnum=<bp>
##$PVM_TaggingPul=(0.2, 6400, 90, No, 3, 1280, 1, 1, 0, 50, 9.24433283619935, 
<bp.exc>)
##$PVM_TaggingPulAmpl=(9.24433283619935, 21.4992242141424, -9.65875573579305)
##$PVM_TaggingMode=SPAMM
##$PVM_TaggingDir=Tagging_grid
##$PVM_TaggingDistance=1
##$PVM_TaggingMinDistance=0.001
##$PVM_TaggingThick=0.2
##$PVM_TaggingOffset1=0
##$PVM_TaggingOffset2=0
##$PVM_TaggingAngle=0
##$PVM_TaggingDelay=0.01
##$PVM_TaggingModuleTime=0
##$PVM_TaggingInterPulseDelay=0.901116759620055
##$PVM_TaggingPulseNumber=5
##$PVM_TaggingPulseElement=0.04
##$PVM_TaggingGradientStrength=5
##$PVM_TaggingGridDelay=0.01
##$PVM_TaggingFL=( 2 )
0 0
##$PVM_TaggingD0=1e-05
##$PVM_TaggingD1=1e-05
##$PVM_TaggingD2=0.000709116759620055
##$PVM_TaggingD3=0.000415293407696044
##$PVM_TaggingD4=0.000152
##$PVM_TaggingP0=40
##$PVM_TaggingLp0=4
##$PVM_TaggingGradAmp1=5
##$PVM_TaggingGradAmp2=-0
##$PVM_TaggingGradAmp3=0
##$PVM_TaggingGradAmp4=5
##$PVM_TaggingSpoiler=(Yes, 1, 0.567293407696044, 50)
##$PVM_DriftCompYesNo=No
##$PVM_DriftCompStore=No
##$PVM_DriftCompUpdateTime=4000
##$PVM_DriftCompNavOnOff=On
##$PVM_DriftCompModuleTime=0
##$PVM_DriftCompNavPoints=96
##$PVM_DriftCompNavPulse=(0.548, 5000, 1, No, 3, 2740, 0.4181723, 
0.298723764675971, 0, 50, 0.000869318468208137, <gauss.exc>)
##$PVM_DriftCompNavPulseEnum=<gauss>
##$PVM_DriftCompNavSWh=10000
##$PVM_DriftCompNavSpoilYesNo=No
##$PVM_DriftCompNavSpoil=(Yes, 1, 1, 10)
##$PVM_DriftCompStickFreq=No
##$PVM_DriftCompNavD1=9.6
##$PVM_DriftCompNavD2=0
##$PVM_DriftCompNavD3=0.045
##$PVM_DriftCompNavD4=0.065
##$PVM_DriftCompNavD5=0
##$PVM_DriftCompNavP0=1
##$PVM_MotionSupOnOff=On
##$PVM_FlipBackOnOff=On
##$PVM_MapShimReady=No
##$PVM_MapShimLocShim=No
##$PVM_MapShimStatus=( 128 )
<Mapshim disabled: No map acquired>
##$PVM_MapShimCalcStat=( 256 )
<Not Calculated.>
##$PVM_DynamicShim=( 1, 10 )
0 0 0 0 0 0 0 0 0 0
##$PVM_MapShimNVolumes=1
##$PVM_MapShimVolShape=Cuboid
##$PVM_ReqShimEnum=Current_Shim
##$PVM_MapShimUseShims=AllShims
##$PVM_MapShimVolDerive=No
##$PVM_MapShimVolMargin=( 3 )
0 0 0
##$PVM_DynamicShimEnable=No
##$PVM_DynamicShimConstrainToFast=No
##$PVM_DynamicShimSliceMargin=1
##$PVM_DynamicShimEventDuration=30
##$PVM_AtsNpos=1
##$PVM_AtsOverlap=0
##$PVM_AtsShifts=( 1 )
0
##$PVM_AtsPositions=( 1 )
0
##$PVM_AtsCentralSetup=Yes
##$PVM_AtsScanPosition=0
##$PVM_AtsCentralEndPos=Yes
##$PVM_AtsCenterPos=0
##$PVM_AtsFov=16
##$PVM_AtsResol=-1
##$PVM_AtsMultiPosSupported=No
##$PVM_AutoRg=( 1 )
(<job0>, 101)
##$PVM_RampTime=0.11
##$PVM_RiseTime=0.152
##$PVM_DynamicShimRisetime=10
##$PVM_RgJob=<job0>
##$PVM_RgValue=101
$$ @vis= MethodFileGroup MethodClass Method MethManagGroup PVM_GeoObj
$$ @vis= PVM_StudyInstrumentPosition PVM_ExportHandler PVM_AtsBedPositionMode
$$ @vis= PVM_AtsChangeRefPos PVM_AtsRefPosTransferred PVM_EchoTime EffectiveTE
$$ @vis= PVM_RareFactor PVM_RepetitionTime PVM_NAverages PVM_NRepetitions
$$ @vis= PVM_NEchoImages PVM_ScanTimeStr PVM_DeriveGains RF_Pulses
$$ @vis= ExcPulse1Enum ExcPulse1 RefPulse1Enum RefPulse1 Nuclei
$$ @vis= PVM_GradCalConst PVM_Nucleus1Enum PVM_Nucleus1 PVM_RefPowMod1
$$ @vis= PVM_RefPowCh1 PVM_RefPowStat1 PVM_FrqRef PVM_FrqWorkOffset
$$ @vis= PVM_FrqWork PVM_FrqRefPpm PVM_FrqWorkOffsetPpm PVM_FrqWorkPpm
$$ @vis= PVM_NucleiPpmWork PVM_TxCoilScMode1 Encoding PVM_EncGenOpt
$$ @vis= PVM_EncGenEllipse PVM_MbEncAccelFactor PVM_MbEncBlipFactor
$$ @vis= PVM_EncGen3D PVM_EncGen4D PVM_EncGenPpi PVM_EncGenCaipirinha
$$ @vis= PVM_EncGenTCaipirinha PVM_EncVirtualCoils PVM_EncCS PVM_EncCSNumRef
$$ @vis= PVM_EncCSGradOpt PVM_EncCSEllipse PVM_EncPftAlgorithm PVM_IsEpiScan
$$ @vis= PVM_SpatDimEnum PVM_IsotropicFovRes PVM_Matrix PVM_MinMatrix
$$ @vis= PVM_MaxMatrix PVM_DefMatrix PVM_AntiAlias PVM_MaxAntiAlias
$$ @vis= PVM_EncSpectroscopy PVM_EncUseMultiRec PVM_EncActReceivers PVM_EncZf
$$ @vis= PVM_EncPft PVM_EncPftOverscans PVM_EncOrder PVM_EncStart
$$ @vis= Encoding_Output PVM_EncNReceivers PVM_EncAvailReceivers
$$ @vis= PVM_EncChanScaling PVM_EncChanPhase PVM_EncMatrix PVM_EncTotalAccel
$$ @vis= PVM_EncSteps1 PVM_EncCentralStep1 PVM_EncValues1 PVM_EncGenSteps0
$$ @vis= PVM_EncGenSteps1 PVM_EncGenSteps2 PVM_EncGenValues1 PVM_EncGenValues2
$$ @vis= PVM_EncGenTotalSteps PVM_EncGenLoopOuter Sequence_Details PVM_EffSWh
$$ @vis= EncGradDur PVM_AcquisitionTime ReadDephDur PVM_MinEchoTime PVM_MinFov
$$ @vis= PVM_MinSliceThick RepetitionSpoiler EchoSpoilingAuto
$$ @vis= EchoSpoilingSlice EchoSpoilingSliceEff EchoSpoilingRead
$$ @vis= EchoSpoilingReadEff SlabSel ImageGeometry PVM_Isotropic PVM_Fov
$$ @vis= PVM_SpatResol PVM_SliceThick PVM_ObjOrderScheme PVM_ObjOrderList
$$ @vis= PVM_NSPacks PVM_SPackArrNSlices PVM_MajSliceOri
$$ @vis= PVM_SPackArrSliceOrient PVM_SPackArrReadOrient PVM_SPackArrReadOffset
$$ @vis= PVM_SPackArrPhase1Offset PVM_SPackArrSliceOffset
$$ @vis= PVM_SPackArrSliceGapMode PVM_SPackArrSliceGap
$$ @vis= PVM_SPackArrSliceDistance PVM_SliceGeo PVM_SliceGeoObj
$$ @vis= SliceOffsetPars Preparation DummyScans_Parameters PVM_DummyScans
$$ @vis= PVM_DummyScansDur PVM_TriggerModule PVM_EvolutionOnOff PVM_SelIrOnOff
$$ @vis= PVM_SelIrInvTime PVM_SelIrNSlabs PVM_SelIrSlabThick PVM_SelIrMinThick
$$ @vis= PVM_SelIrSlabOffset PVM_SelIrPulEnum PVM_SelIrPul PVM_SelIrPulAmpl
$$ @vis= PVM_SelIrSpoiler PVM_SelIrModuleTime PVM_SelIrOffsetHz PVM_SelIrGrad
$$ @vis= PVM_SelIrFL PVM_SelIrD0 PVM_SelIrD1 PVM_SelIrD2 PVM_SelIrD4
$$ @vis= PVM_SelIrP0 PVM_SelIrL0 PVM_BlBloodOnOff PVM_BlBloodInvTime
$$ @vis= PVM_BlBloodNSlabs PVM_BlBloodSlabThick PVM_BlBloodMinThick
$$ @vis= PVM_BlBloodSlabOffset PVM_BlBloodPulEnum PVM_BlBloodPul
$$ @vis= PVM_BlBloodPulAmpl PVM_BlBloodSpoiler PVM_BlBloodModuleTime
$$ @vis= PVM_BlBloodOffsetHz PVM_BlBloodGrad PVM_BlBloodFL PVM_BlbD0 PVM_BlbD1
$$ @vis= PVM_BlbD2 PVM_BlbP0 PVM_FatSupOnOff Fat_Sup_Parameters
$$ @vis= PVM_FatSupPulEnum PVM_FatSupPul PVM_FatSupBandWidth PVM_FatSupSpoil
$$ @vis= PVM_FatSupModuleTime PVM_FatSupPerform PVM_FatSupRampTime
$$ @vis= PVM_FatSupGradWait PVM_FatSupFL PVM_FatSupRfLength PVM_FatSupSpoilDur
$$ @vis= PVM_FatSupSpoilAmp Fws_Parameters PVM_FwsOnOff PVM_FwsLoop
$$ @vis= PVM_SatTransOnOff PVM_FovSatOnOff Fov_Sat_Parameters
$$ @vis= PVM_InFlowSatOnOff PVM_TaggingOnOff DriftComp_Parameters
$$ @vis= PVM_DriftCompYesNo PVM_DriftCompNavOnOff PVM_DriftCompNavD1
$$ @vis= PVM_DriftCompNavD2 PVM_DriftCompNavD3 PVM_DriftCompNavD4
$$ @vis= PVM_DriftCompNavD5 PVM_DriftCompNavP0 PVM_MotionSupOnOff
$$ @vis= PVM_FlipBackOnOff MapShim PVM_MapShimReady PVM_MapShimStatus
$$ @vis= PVM_DynamicShim PVM_MapShimNVolumes PVM_ReqShimEnum
$$ @vis= PVM_DynamicShimConstrainToFast MethodAtsGroup PVM_AtsScanPosition
$$ @vis= PVM_AtsCenterPos PVM_AtsMultiPosFov PVM_AtsMultiPosSupported
$$ @vis= PVM_AutoRg PVM_RampTime PVM_RiseTime PVM_DynamicShimRisetime RgGroup
$$ @vis= PVM_RgJob PVM_RgValue
##END=
$$ File finished by PARX at 2024-11-05 17:24:54.031 -0800
